GEM
  remote: http://rubygems.org/
  specs:
    configatron (2.6.3)
      yamler (>= 0.1.0)
    cover_me (1.0.0.pre4)
      configatron
      hashie
    hashie (0.4.0)
    rspec (1.3.0)
    yamler (0.1.0)

PLATFORMS
  ruby

DEPENDENCIES
  cover_me (>= 1.0.0.pre2)
  rspec
